GEM
  remote: https://rubygems.org/
  specs:
    diff-lcs (1.2.5)
    kgio (2.9.3)
    multi_json (1.11.2)
    rack (1.6.4)
    rack-protection (1.5.3)
      rack
    rack-test (0.6.3)
      rack (>= 1.0)
    raindrops (0.13.0)
    rake (10.4.2)
    redis (3.2.1)
    rspec (3.3.0)
      rspec-core (~> 3.3.0)
      rspec-expectations (~> 3.3.0)
      rspec-mocks (~> 3.3.0)
    rspec-core (3.3.2)
      rspec-support (~> 3.3.0)
    rspec-expectations (3.3.1)
      diff-lcs (>= 1.2.0, < 2.0)
      rspec-support (~> 3.3.0)
    rspec-mocks (3.3.2)
      diff-lcs (>= 1.2.0, < 2.0)
      rspec-support (~> 3.3.0)
    rspec-support (3.3.0)
    sinatra (1.4.6)
      rack (~> 1.4)
      rack-protection (~> 1.4)
      tilt (>= 1.3, < 3)
    sqlite3 (1.3.11)
    tilt (1.4.1)
    unicorn (4.8.3)
      kgio (~> 2.6)
      rack
      raindrops (~> 0.7)

PLATFORMS
  ruby

DEPENDENCIES
  multi_json (~> 1.11.2)
  rack-test (~> 0.6.3)
  rake (~> 10.4.2)
  redis (~> 3.2.1)
  rspec (~> 3.3.0)
  sinatra (~> 1.4.6)
  sqlite3 (~> 1.3.11)
  unicorn (~> 4.8.3)

BUNDLED WITH
   1.10.6
